GEM
  remote: https://rubygems.org/
  specs:
    bson (4.7.0)
    mongo (2.11.2)
      bson (>= 4.6.0, < 5.0.0)
    rack (1.6.12)
    rack-protection (1.5.3)
      rack
    sinatra (1.4.5)
      rack (~> 1.4)
      rack-protection (~> 1.4)
      tilt (~> 1.3, >= 1.3.4)
    tilt (1.4.1)

PLATFORMS
  ruby

DEPENDENCIES
  mongo
  sinatra
